PATH
  remote: .
  specs:
    ruston (0.0.1)

GEM
  remote: https://rubygems.org/
  specs:
    rake (13.0.6)

PLATFORMS
  arm64-darwin-21

DEPENDENCIES
  bundler (>= 1.17)
  rake (>= 10.0)
  ruston!

BUNDLED WITH
   2.4.0.dev
